PATH
  remote: .
  specs:
    sucker (1.1.3)
      activesupport (>= 2.3.2)
      nokogiri (~> 1.4.0)
      typhoeus (~> 0.2.0)

GEM
  remote: http://rubygems.org/
  specs:
    activesupport (3.0.3)
    addressable (2.2.2)
    crack (0.1.8)
    diff-lcs (1.1.2)
    json (1.4.6)
    nokogiri (1.4.4)
    rdiscount (1.6.5)
    rdoc (2.4.3)
    rspec (2.1.0)
      rspec-core (~> 2.1.0)
      rspec-expectations (~> 2.1.0)
      rspec-mocks (~> 2.1.0)
    rspec-core (2.1.0)
    rspec-expectations (2.1.0)
      diff-lcs (~> 1.1.2)
    rspec-mocks (2.1.0)
    sdoc (0.2.20)
      json (>= 1.1.3)
      rdoc (= 2.4.3)
    sdoc-helpers (0.1.4)
      sdoc (~> 0.2)
    throttler (0.2.1)
    typhoeus (0.2.0)
    vcr (1.3.2)
    webmock (1.6.1)
      addressable (>= 2.2.2)
      crack (>= 0.1.7)

PLATFORMS
  ruby

DEPENDENCIES
  activesupport (>= 2.3.2)
  nokogiri (~> 1.4.0)
  rdiscount (~> 1.6.5)
  rspec (~> 2.1.0)
  sdoc-helpers (~> 0.1.4)
  sucker!
  throttler (~> 0.2.1)
  typhoeus (~> 0.2.0)
  vcr (~> 1.3.1)
  webmock (~> 1.6.1)
